GEM
  remote: http://rubygems.org/
  specs:
    activesupport (3.0.10)
    json (1.5.3)
    rack (1.3.2)
    rack-api (0.2.2)
      activesupport (>= 3.0.0)
      rack (>= 1.0.0)
      rack-mount (>= 0.6.0)
    rack-mount (0.8.2)
      rack (>= 1.0.0)

PLATFORMS
  ruby

DEPENDENCIES
  json
  rack-api (~> 0.2.1)
